GEM
  remote: http://rubygems.org/
  specs:
    term-ansicolor (1.0.5)

PLATFORMS
  ruby

DEPENDENCIES
  term-ansicolor
